GEM
  remote: http://rubygems.org/
  specs:
    chunky_png (1.3.1)
    compass (0.12.6)
      chunky_png (~> 1.2)
      fssm (>= 0.2.7)
      sass (~> 3.2.19)
    fssm (0.2.10)
    mina (0.3.0)
      open4
      rake
    open4 (1.3.4)
    rake (10.3.2)
    sass (3.2.19)

PLATFORMS
  ruby

DEPENDENCIES
  compass
  mina

BUNDLED WITH
   1.12.5
